PATH
  remote: .
  specs:
    kamishibai (1.4.0)
      addressable (= 2.3.5)
      ffi (= 1.9.0)
      gd2-ffij (= 0.4.0)
      memory_profiler (= 1.0.2)
      rubyzip (= 1.0.0)
      sinatra (= 1.4.4)
      sinatra-contrib (= 1.4.2)
      thin (= 1.6.0)

GEM
  remote: https://rubygems.org/
  specs:
    addressable (2.3.5)
    backports (3.25.0)
    daemons (1.4.1)
    eventmachine (1.2.7)
    ffi (1.9.0)
    gd2-ffij (0.4.0)
      ffi (>= 1.0.0)
    memory_profiler (1.0.2)
    multi_json (1.15.0)
    rack (1.6.13)
    rack-protection (1.5.5)
      rack
    rack-test (2.1.0)
      rack (>= 1.3)
    rubyzip (1.0.0)
    sinatra (1.4.4)
      rack (~> 1.4)
      rack-protection (~> 1.4)
      tilt (~> 1.3, >= 1.3.4)
    sinatra-contrib (1.4.2)
      backports (>= 2.0)
      multi_json
      rack-protection
      rack-test
      sinatra (~> 1.4.0)
      tilt (~> 1.3)
    thin (1.6.0)
      daemons (>= 1.0.9)
      eventmachine (>= 1.0.0)
      rack (>= 1.5.0)
    tilt (1.4.1)

PLATFORMS
  ruby

DEPENDENCIES
  kamishibai!

BUNDLED WITH
   2.1.4
